GEM
  remote: https://rubygems.org/
  specs:
    coderay (1.0.9)
    lz4-ruby (0.1.7)
    marc (0.5.0)
    method_source (0.8.1)
    mime-types (1.22)
    multi_json (1.7.2)
    nokogiri (1.5.9)
    oj (2.0.10)
    parallel (0.6.4)
    pry (0.9.12)
      coderay (~> 1.0.5)
      method_source (~> 0.8)
      slop (~> 3.4)
    rest-client (1.6.7)
      mime-types (>= 1.16)
    ruby-filemagic (0.4.2)
    slop (3.4.4)
    snappy (0.0.8)
    thor (0.17.0)
    wirble (0.1.3)

PLATFORMS
  ruby

DEPENDENCIES
  lz4-ruby
  marc
  multi_json
  nokogiri
  oj
  parallel
  pry
  rest-client
  ruby-filemagic
  snappy
  thor
  wirble
