GEM
  remote: https://rubygems.org/
  specs:
    coderay (1.0.9)
    lz4-ruby (0.1.7)
    marc (0.5.1)
    method_source (0.8.1)
    mime-types (1.23)
    mini_portile (0.5.1)
    multi_json (1.7.7)
    nokogiri (1.6.0)
      mini_portile (~> 0.5.0)
    oj (2.1.4)
    parallel (0.7.1)
    pry (0.9.12.2)
      coderay (~> 1.0.5)
      method_source (~> 0.8)
      slop (~> 3.4)
    rest-client (1.6.7)
      mime-types (>= 1.16)
    ruby-filemagic (0.4.2)
    slop (3.4.5)
    snappy (0.0.8)
    thor (0.18.1)
    wirble (0.1.3)

PLATFORMS
  ruby

DEPENDENCIES
  lz4-ruby
  marc
  multi_json
  nokogiri
  oj
  parallel
  pry
  rest-client
  ruby-filemagic
  snappy
  thor
  wirble
